GEM
  remote: https://rubygems.org/
  specs:
    bcrypt (3.1.11)
    rack (1.6.4)
    rack-protection (1.5.3)
      rack
    sequel (4.32.0)
    sinatra (1.4.7)
      rack (~> 1.5)
      rack-protection (~> 1.4)
      tilt (>= 1.3, < 3)
    sqlite3 (1.3.11)
    tilt (2.0.2)

PLATFORMS
  ruby

DEPENDENCIES
  bcrypt
  sequel
  sinatra
  sqlite3

BUNDLED WITH
   1.11.2
